GEM
  remote: http://rubygems.org/
  specs:
    actionmailer (2.3.12)
      actionpack (= 2.3.12)
    actionpack (2.3.12)
      activesupport (= 2.3.12)
      rack (~> 1.1.0)
    activerecord (2.3.12)
      activesupport (= 2.3.12)
    activeresource (2.3.12)
      activesupport (= 2.3.12)
    activesupport (2.3.12)
    builder (3.0.0)
    nokogiri (1.5.0)
    rack (1.1.2)
    rails (2.3.12)
      actionmailer (= 2.3.12)
      actionpack (= 2.3.12)
      activerecord (= 2.3.12)
      activeresource (= 2.3.12)
      activesupport (= 2.3.12)
      rake (>= 0.8.3)
    rake (0.9.2)
    rsolr (1.0.2)
      builder (>= 2.1.2)
    rsolr-ext (1.0.3)
      rsolr (>= 1.0.2)
    sqlite3 (1.3.3)
    will_paginate (2.3.15)

PLATFORMS
  ruby

DEPENDENCIES
  nokogiri
  rails (~> 2.3.12)
  rsolr
  rsolr-ext
  sqlite3
  will_paginate
